STORAGE: NONE
RESTRICTION: || (== net5.0) (== netstandard2.0) (== netstandard2.1)
NUGET
  remote: http://nexus.schleupen-ag.de/repository/nuget
    Newtonsoft.Json (13.0.1)
